PATH
  remote: .
  specs:
    pca9685 (0.1.0)
      mixlib-shellout

GEM
  remote: https://rubygems.org/
  specs:
    diff-lcs (1.3)
    mixlib-shellout (3.0.7)
    rake (10.5.0)
    rspec (3.9.0)
      rspec-core (~> 3.9.0)
      rspec-expectations (~> 3.9.0)
      rspec-mocks (~> 3.9.0)
    rspec-core (3.9.0)
      rspec-support (~> 3.9.0)
    rspec-expectations (3.9.0)
      diff-lcs (>= 1.2.0, < 2.0)
      rspec-support (~> 3.9.0)
    rspec-mocks (3.9.0)
      diff-lcs (>= 1.2.0, < 2.0)
      rspec-support (~> 3.9.0)
    rspec-support (3.9.0)

PLATFORMS
  ruby

DEPENDENCIES
  bundler (~> 1.17)
  pca9685!
  rake (~> 10.0)
  rspec (~> 3.0)

BUNDLED WITH
   1.17.2
